GEM
  remote: https://rubygems.org/
  specs:
    activemodel (6.0.1)
      activesupport (= 6.0.1)
    activerecord (6.0.1)
      activemodel (= 6.0.1)
      activesupport (= 6.0.1)
    activerecord-import (1.0.3)
      activerecord (>= 3.2)
    activesupport (6.0.1)
      concurrent-ruby (~> 1.0, >= 1.0.2)
      i18n (>= 0.7, < 2)
      minitest (~> 5.1)
      tzinfo (~> 1.1)
      zeitwerk (~> 2.2)
    backports (3.15.0)
    bcrypt (3.1.13)
    concurrent-ruby (1.1.5)
    curb (0.9.10)
    daemons (1.3.1)
    dotenv (2.7.5)
    eventmachine (1.2.7)
    exiftool (1.2.1)
      json
    filesize (0.1.1)
    ftools (0.0.0)
    ftpfxp (0.0.4)
    geokit (1.13.1)
    i18n (1.7.0)
      concurrent-ruby (~> 1.0)
    json (2.2.0)
    log4r (1.1.10)
    mini_exiftool (2.9.1)
    minitest (5.13.0)
    multi_json (1.14.1)
    mustermann (1.0.3)
    net-sftp (2.1.2)
      net-ssh (>= 2.6.5)
    net-ssh (4.2.0)
    power_assert (1.1.5)
    rack (2.0.7)
    rack-protection (2.0.0)
      rack
    sequel (5.27.0)
    sinatra (2.0.0)
      mustermann (~> 1.0)
      rack (~> 2.0)
      rack-protection (= 2.0.0)
      tilt (~> 2.0)
    sinatra-contrib (2.0.0)
      backports (>= 2.0)
      multi_json
      mustermann (~> 1.0)
      rack-protection (= 2.0.0)
      sinatra (= 2.0.0)
      tilt (>= 1.3, < 3)
    sqlite3 (1.4.1)
    test-unit (3.2.3)
      power_assert
    thin (1.7.2)
      daemons (~> 1.0, >= 1.0.9)
      eventmachine (~> 1.0, >= 1.0.4)
      rack (>= 1, < 3)
    thread_safe (0.3.6)
    tilt (2.0.10)
    tzinfo (1.2.5)
      thread_safe (~> 0.1)
    writeexcel (1.0.5)
    zeitwerk (2.2.2)

PLATFORMS
  ruby

DEPENDENCIES
  activerecord (= 6.0.1)
  activerecord-import
  bcrypt
  curb
  dotenv
  exiftool
  filesize (= 0.1.1)
  ftools
  ftpfxp
  geokit
  json
  log4r (= 1.1.10)
  mini_exiftool
  multi_json
  net-sftp (= 2.1.2)
  net-ssh (= 4.2.0)
  sequel
  sinatra (= 2.0.0)
  sinatra-contrib (= 2.0.0)
  sqlite3
  test-unit (= 3.2.3)
  thin
  writeexcel

BUNDLED WITH
   2.1.4
